GEM
  remote: https://rubygems.org/
  specs:
    builder (3.2.2)
    dotenv (0.11.1)
      dotenv-deployment (~> 0.0.2)
    dotenv-deployment (0.0.2)
    fastenv (0.0.2)
    foreman (0.74.0)
      dotenv (~> 0.11.1)
      thor (~> 0.19.1)
    jwt (1.5.0)
    multi_json (1.11.0)
    rack (1.6.1)
    rack-cors (0.2.9)
    rack-protection (1.5.3)
      rack
    rake (10.4.2)
    sinatra (1.4.6)
      rack (~> 1.4)
      rack-protection (~> 1.4)
      tilt (>= 1.3, < 3)
    thor (0.19.1)
    tilt (2.0.1)
    twilio-ruby (3.16.1)
      builder (>= 2.1.2)
      jwt (~> 1.0)
      multi_json (>= 1.3.0)

PLATFORMS
  ruby

DEPENDENCIES
  fastenv (~> 0.0.2)
  foreman (~> 0.74.0)
  rack-cors (~> 0.2.9)
  rake (~> 10.4.0)
  sinatra (~> 1.4.5)
  twilio-ruby (~> 3.12)
